GEM
  remote: https://rubygems.org/
  specs:
    espeak-ruby (1.0.2)

PLATFORMS
  ruby

DEPENDENCIES
  espeak-ruby (~> 1.0, >= 1.0.2)

BUNDLED WITH
   1.11.2
