GEM
  remote: https://rubygems.org/
  specs:
    espeak-ruby (1.0.3)

PLATFORMS
  ruby

DEPENDENCIES
  espeak-ruby (~> 1.0)

BUNDLED WITH
   1.11.2
